GEM
  remote: https://rubygems.org/
  specs:
    cuba (3.5.0)
      rack (~> 1.6.0)
    rack (1.6.4)
    tilt (2.0.2)

PLATFORMS
  ruby

DEPENDENCIES
  cuba
  tilt

BUNDLED WITH
   1.11.2
